PATH
  remote: .
  specs:
    athens (0.3.1)
      aws-sdk-athena (~> 1)

GEM
  remote: https://rubygems.org/
  specs:
    aws-eventstream (1.1.0)
    aws-partitions (1.343.0)
    aws-sdk-athena (1.30.0)
      aws-sdk-core (~> 3, >= 3.99.0)
      aws-sigv4 (~> 1.1)
    aws-sdk-core (3.104.1)
      aws-eventstream (~> 1, >= 1.0.2)
      aws-partitions (~> 1, >= 1.239.0)
      aws-sigv4 (~> 1.1)
      jmespath (~> 1.0)
    aws-sigv4 (1.2.1)
      aws-eventstream (~> 1, >= 1.0.2)
    jmespath (1.4.0)
    rake (13.0.1)

PLATFORMS
  ruby

DEPENDENCIES
  athens!
  bundler (~> 1.17)
  rake (~> 13.0)

BUNDLED WITH
   2.1.4
