PATH
  remote: .
  specs:
    athens (0.3.4)
      aws-sdk-athena (~> 1)

GEM
  remote: https://rubygems.org/
  specs:
    aws-eventstream (1.1.1)
    aws-partitions (1.458.0)
    aws-sdk-athena (1.37.0)
      aws-sdk-core (~> 3, >= 3.112.0)
      aws-sigv4 (~> 1.1)
    aws-sdk-core (3.114.0)
      aws-eventstream (~> 1, >= 1.0.2)
      aws-partitions (~> 1, >= 1.239.0)
      aws-sigv4 (~> 1.1)
      jmespath (~> 1.0)
    aws-sigv4 (1.2.3)
      aws-eventstream (~> 1, >= 1.0.2)
    jmespath (1.4.0)
    rake (13.0.3)
    rexml (3.2.5)

PLATFORMS
  ruby

DEPENDENCIES
  athens!
  bundler (>= 1.17)
  rake (~> 13.0)
  rexml (~> 3.2)

BUNDLED WITH
   2.2.5
