PATH
  remote: .
  specs:
    athens (0.2.0)
      aws-sdk-athena (~> 1)

GEM
  remote: https://rubygems.org/
  specs:
    aws-eventstream (1.0.1)
    aws-partitions (1.136.0)
    aws-sdk-athena (1.7.0)
      aws-sdk-core (~> 3, >= 3.39.0)
      aws-sigv4 (~> 1.0)
    aws-sdk-core (3.46.0)
      aws-eventstream (~> 1.0)
      aws-partitions (~> 1.0)
      aws-sigv4 (~> 1.0)
      jmespath (~> 1.0)
    aws-sigv4 (1.0.3)
    jmespath (1.4.0)
    rake (10.5.0)

PLATFORMS
  ruby

DEPENDENCIES
  athens!
  bundler (~> 1.17)
  rake (~> 10.0)

BUNDLED WITH
   1.17.2
